GEM
  remote: http://rubygems.org/
  specs:
    activesupport (4.0.2)
      i18n (~> 0.6, >= 0.6.4)
      minitest (~> 4.2)
      multi_json (~> 1.3)
      thread_safe (~> 0.1)
      tzinfo (~> 0.3.37)
    atomic (1.1.14)
    builder (3.2.2)
    coderay (1.1.0)
    colorize (0.5.8)
    coveralls (0.7.0)
      multi_json (~> 1.3)
      rest-client
      simplecov (>= 0.7)
      term-ansicolor
      thor
    cucumber (1.3.10)
      builder (>= 2.1.2)
      diff-lcs (>= 1.1.3)
      gherkin (~> 2.12)
      multi_json (>= 1.7.5, < 2.0)
      multi_test (>= 0.0.2)
    diff-lcs (1.2.5)
    docile (1.1.3)
    factory_girl (4.4.0)
      activesupport (>= 3.0.0)
    gherkin (2.12.2)
      multi_json (~> 1.3)
    gherkin-ruby (0.3.1)
      racc
    gravatar-api (0.2.0)
    i18n (0.6.9)
    method_source (0.8.2)
    mime-types (2.1)
    minitest (4.7.5)
    multi_json (1.8.4)
    multi_test (0.0.3)
    pry (0.9.12.6)
      coderay (~> 1.0)
      method_source (~> 0.8)
      slop (~> 3.4)
    racc (1.4.11)
    rake (10.1.1)
    rest-client (1.6.7)
      mime-types (>= 1.16)
    rspec (2.14.1)
      rspec-core (~> 2.14.0)
      rspec-expectations (~> 2.14.0)
      rspec-mocks (~> 2.14.0)
    rspec-core (2.14.7)
    rspec-expectations (2.14.5)
      diff-lcs (>= 1.1.3, < 2.0)
    rspec-mocks (2.14.5)
    simplecov (0.8.2)
      docile (~> 1.1.0)
      multi_json
      simplecov-html (~> 0.8.0)
    simplecov-html (0.8.0)
    slop (3.4.7)
    spinach (0.8.7)
      colorize (= 0.5.8)
      gherkin-ruby (>= 0.3.1)
    term-ansicolor (1.3.0)
      tins (~> 1.0)
    thor (0.18.1)
    thread_safe (0.1.3)
      atomic
    tins (1.0.0)
    tzinfo (0.3.38)

PLATFORMS
  ruby

DEPENDENCIES
  bundler
  coveralls
  cucumber
  factory_girl
  gherkin
  gravatar-api
  multi_json
  pry
  rake
  rspec
  spinach
